PATH
  remote: .
  specs:
    omniauth-hub_az (0.1.0)
      activesupport (>= 5.0)
      omniauth-oauth2 (~> 1.8)

GEM
  remote: https://rubygems.org/
  specs:
    activesupport (5.2.8.1)
      concurrent-ruby (~> 1.0, >= 1.0.2)
      i18n (>= 0.7, < 2)
      minitest (~> 5.1)
      tzinfo (~> 1.1)
    concurrent-ruby (1.1.10)
    faraday (1.0.1)
      multipart-post (>= 1.2, < 3)
    hashie (5.0.0)
    i18n (1.12.0)
      concurrent-ruby (~> 1.0)
    jwt (2.3.0)
    minitest (5.15.0)
    multi_xml (0.6.0)
    multipart-post (2.2.3)
    oauth2 (2.0.9)
      faraday (>= 0.17.3, < 3.0)
      jwt (>= 1.0, < 3.0)
      multi_xml (~> 0.5)
      rack (>= 1.2, < 4)
      snaky_hash (~> 2.0)
      version_gem (~> 1.1)
    omniauth (2.1.0)
      hashie (>= 3.4.6)
      rack (>= 2.2.3)
      rack-protection
    omniauth-oauth2 (1.8.0)
      oauth2 (>= 1.4, < 3)
      omniauth (~> 2.0)
    rack (2.2.6.2)
    rack-protection (2.2.4)
      rack
    rake (12.3.3)
    snaky_hash (2.0.0)
      hashie
      version_gem (~> 1.1)
    thread_safe (0.3.6)
    tzinfo (1.2.10)
      thread_safe (~> 0.1)
    version_gem (1.1.0)

PLATFORMS
  ruby

DEPENDENCIES
  minitest (~> 5.0)
  omniauth-hub_az!
  rake (~> 12.0)

BUNDLED WITH
   2.1.4
